GEM
  remote: https://rubygems.org/
  specs:
    json (2.0.3)
    libxml-ruby (2.9.0)
    libxslt-ruby (1.1.1)
      libxml-ruby (>= 2.4.0)
    octocat (0.0.2)
      json
    pg (0.19.0)
    sequel (4.42.1)
    sqlite3 (1.3.13)

PLATFORMS
  ruby

DEPENDENCIES
  libxml-ruby (> 0)
  libxslt-ruby (> 0)
  octocat (= 0.0.2)
  pg (~> 0.8)
  sequel (~> 4.6)
  sqlite3 (~> 1.3)

BUNDLED WITH
   1.12.5
